PATH
  remote: .
  specs:
    shoulda-context (2.0.0.rc2)

GEM
  remote: https://rubygems.org/
  specs:
    appraisal (2.2.0)
      bundler
      rake
      thor (>= 0.14.0)
    ast (2.4.0)
    byebug (10.0.2)
    coderay (1.1.2)
    jaro_winkler (1.5.2)
    m (1.5.1)
      method_source (>= 0.6.7)
      rake (>= 0.9.2.2)
    metaclass (0.0.4)
    method_source (0.9.2)
    minitest (5.11.3)
    mocha (1.8.0)
      metaclass (~> 0.0.1)
    parallel (1.17.0)
    parser (2.6.2.1)
      ast (~> 2.4.0)
    power_assert (1.1.3)
    powerpack (0.1.2)
    pry (0.12.2)
      coderay (~> 1.1.0)
      method_source (~> 0.9.0)
    pry-byebug (3.6.0)
      byebug (~> 10.0)
      pry (~> 0.10)
    rainbow (3.0.0)
    rake (13.0.1)
    rubocop (0.64.0)
      jaro_winkler (~> 1.5.1)
      parallel (~> 1.10)
      parser (>= 2.5, != 2.5.1.1)
      powerpack (~> 0.1)
      rainbow (>= 2.2.2, < 4.0)
      ruby-progressbar (~> 1.7)
      unicode-display_width (~> 1.4.0)
    ruby-progressbar (1.10.0)
    snowglobe (0.3.0)
    test-unit (3.3.0)
      power_assert
    thor (0.20.3)
    unicode-display_width (1.4.1)
    warnings_logger (0.1.0)

PLATFORMS
  ruby

DEPENDENCIES
  appraisal
  bundler (~> 1.0)
  m
  minitest
  mocha
  pry-byebug
  rake
  rubocop (= 0.64.0)
  shoulda-context!
  snowglobe (>= 0.3.0)
  test-unit
  warnings_logger

BUNDLED WITH
   1.17.3
